GIT
  remote: git://github.com/scootklein/toto.git
  revision: 27aedf17ef1800950c38cb07fe51b3136d26ffe3
  specs:
    toto (0.4.9)
      builder
      rack
      rdiscount

GEM
  remote: http://rubygems.org/
  specs:
    addressable (2.2.6)
    builder (3.0.0)
    heroku (2.18.1)
      launchy (>= 0.3.2)
      rest-client (~> 1.6.1)
      rubyzip
      term-ansicolor (~> 1.0.5)
    launchy (2.0.5)
      addressable (~> 2.2.6)
    mime-types (1.17.2)
    rack (1.3.6)
    rdiscount (1.6.8)
    rest-client (1.6.7)
      mime-types (>= 1.16)
    rubyzip (0.9.5)
    term-ansicolor (1.0.7)

PLATFORMS
  ruby

DEPENDENCIES
  builder
  heroku
  rack (= 1.3.6)
  rdiscount
  toto!
